GEM
  specs:
    mini_portile2 (2.3.0)
    nokogiri (1.8.5)
      mini_portile2 (~> 2.3.0)
    open_uri_redirections (0.2.1)

PLATFORMS
  x86_64-linux

DEPENDENCIES
nokogiri
  open_uri_redirections

RUBY version
ruby 2.7.1p83 (2020-03-31 revision a0c7c23c9c) 


BUNDLED WITH
   2.2.5
